GEM
  remote: https://rubygems.org/
  specs:
    dotenv (2.7.6)
    erb (2.2.0)
    json (2.3.1)

PLATFORMS
  ruby

DEPENDENCIES
  dotenv
  erb (~> 2.2)
  json

BUNDLED WITH
   1.17.2
